GEM
  remote: https://rubygems.org/
  specs:
    rake (10.4.2)
    sequel (4.29.0)
    sqlite3 (1.3.11-x64-mingw32)

PLATFORMS
  x64-mingw32

DEPENDENCIES
  rake
  sequel
  sqlite3

BUNDLED WITH
   1.11.2
